PATH
  remote: .
  specs:
    rubyhome (0.1.0)
      activerecord (~> 5.1, >= 5.1.4)
      dnssd (~> 3.0)
      ed25519 (~> 1.2, >= 1.2.3)
      hkdf (~> 0.3.0)
      rbnacl (~> 5.0)
      rbnacl-libsodium (~> 1.0, >= 1.0.16)
      rubyhome-srp (~> 1.0)
      sinatra (~> 2.0)
      sqlite3 (~> 1.3, >= 1.3.13)
      x25519 (~> 1.0, >= 1.0.5)

GEM
  remote: https://rubygems.org/
  specs:
    activemodel (5.1.5)
      activesupport (= 5.1.5)
    activerecord (5.1.5)
      activemodel (= 5.1.5)
      activesupport (= 5.1.5)
      arel (~> 8.0)
    activesupport (5.1.5)
      concurrent-ruby (~> 1.0, >= 1.0.2)
      i18n (~> 0.7)
      minitest (~> 5.1)
      tzinfo (~> 1.1)
    arel (8.0.0)
    byebug (9.1.0)
    concurrent-ruby (1.0.5)
    database_cleaner (1.6.2)
    diff-lcs (1.3)
    dnssd (3.0.1)
    ed25519 (1.2.4)
    ffi (1.9.23)
    hkdf (0.3.0)
    i18n (0.9.5)
      concurrent-ruby (~> 1.0)
    minitest (5.11.3)
    mustermann (1.0.2)
    rack (2.0.4)
    rack-protection (2.0.1)
      rack
    rack-test (0.8.2)
      rack (>= 1.0, < 3)
    rake (10.5.0)
    rbnacl (5.0.0)
      ffi
    rbnacl-libsodium (1.0.16)
      rbnacl (>= 3.0.1)
    rspec (3.7.0)
      rspec-core (~> 3.7.0)
      rspec-expectations (~> 3.7.0)
      rspec-mocks (~> 3.7.0)
    rspec-core (3.7.0)
      rspec-support (~> 3.7.0)
    rspec-expectations (3.7.0)
      diff-lcs (>= 1.2.0, < 2.0)
      rspec-support (~> 3.7.0)
    rspec-mocks (3.7.0)
      diff-lcs (>= 1.2.0, < 2.0)
      rspec-support (~> 3.7.0)
    rspec-support (3.7.0)
    rubyhome-srp (1.0.0)
      srp-rb (= 1.0.1)
    sinatra (2.0.1)
      mustermann (~> 1.0)
      rack (~> 2.0)
      rack-protection (= 2.0.1)
      tilt (~> 2.0)
    sqlite3 (1.3.13)
    srp-rb (1.0.1)
    thread_safe (0.3.6)
    tilt (2.0.8)
    tzinfo (1.2.5)
      thread_safe (~> 0.1)
    x25519 (1.0.7)

PLATFORMS
  ruby

DEPENDENCIES
  bundler (~> 1.16)
  byebug (~> 9.1)
  database_cleaner (~> 1.6)
  rack-test (~> 0.8.2)
  rake (~> 10.0)
  rspec (~> 3.0)
  rubyhome!

BUNDLED WITH
   1.16.1
