PATH
  remote: .
  specs:
    rubyhome (0.1.0)
      dnssd (~> 3.0)
      ed25519 (~> 1.2, >= 1.2.3)
      hkdf (~> 0.3.0)
      rbnacl (~> 5.0)
      rbnacl-libsodium (~> 1.0, >= 1.0.16)
      sinatra (~> 2.0)
      thin (~> 1.7, >= 1.7.2)
      x25519 (~> 1.0, >= 1.0.5)

GEM
  remote: https://rubygems.org/
  specs:
    byebug (9.1.0)
    daemons (1.2.6)
    diff-lcs (1.3)
    dnssd (3.0.1)
    ed25519 (1.2.3)
    eventmachine (1.2.5)
    ffi (1.9.18)
    hkdf (0.3.0)
    mustermann (1.0.1)
    rack (2.0.3)
    rack-protection (2.0.0)
      rack
    rack-test (0.8.2)
      rack (>= 1.0, < 3)
    rake (10.5.0)
    rbnacl (5.0.0)
      ffi
    rbnacl-libsodium (1.0.16)
      rbnacl (>= 3.0.1)
    rspec (3.7.0)
      rspec-core (~> 3.7.0)
      rspec-expectations (~> 3.7.0)
      rspec-mocks (~> 3.7.0)
    rspec-core (3.7.0)
      rspec-support (~> 3.7.0)
    rspec-expectations (3.7.0)
      diff-lcs (>= 1.2.0, < 2.0)
      rspec-support (~> 3.7.0)
    rspec-mocks (3.7.0)
      diff-lcs (>= 1.2.0, < 2.0)
      rspec-support (~> 3.7.0)
    rspec-support (3.7.0)
    sinatra (2.0.0)
      mustermann (~> 1.0)
      rack (~> 2.0)
      rack-protection (= 2.0.0)
      tilt (~> 2.0)
    thin (1.7.2)
      daemons (~> 1.0, >= 1.0.9)
      eventmachine (~> 1.0, >= 1.0.4)
      rack (>= 1, < 3)
    tilt (2.0.8)
    x25519 (1.0.5)

PLATFORMS
  ruby

DEPENDENCIES
  bundler (~> 1.16)
  byebug (~> 9.1)
  rack-test (~> 0.8.2)
  rake (~> 10.0)
  rspec (~> 3.0)
  rubyhome!

BUNDLED WITH
   1.16.0
